GEM
  remote: http://rubygems.org/
  specs:
    httparty (0.9.0)
      multi_json (~> 1.0)
      multi_xml
    multi_json (1.3.6)
    multi_xml (0.5.1)
    rake (0.9.2.2)

PLATFORMS
  x86-mingw32

DEPENDENCIES
  bundler
  httparty
  rake
